GEM
  remote: https://rubygems.org/
  specs:
    awesome_print (1.7.0)
    byebug (9.0.5)
    mustermann (1.0.0.beta2)
    puma (3.6.0)
    rack (2.0.1)
    rack-protection (2.0.0.beta2)
      rack
    sequel (4.38.0)
    sinatra (2.0.0.beta2)
      mustermann (= 1.0.0.beta2)
      rack (~> 2.0)
      rack-protection (= 2.0.0.beta2)
      tilt (~> 2.0)
    tilt (2.0.5)

PLATFORMS
  ruby

DEPENDENCIES
  awesome_print (~> 1.7.0)
  byebug (~> 9.0.5)
  puma (~> 3.6.0)
  sequel (~> 4.38.0)
  sinatra (~> 2.0.0.beta2)

RUBY VERSION
   ruby 2.3.1p112

BUNDLED WITH
   1.12.4
